GEM
  remote: http://rubygems.org/
  specs:
    diff-lcs (1.1.2)
    rake (0.8.7)
    rr (0.10.11)
    rspec (2.1.0)
      rspec-core (= 2.1.0)
      rspec-expectations (= 2.1.0)
      rspec-mocks (= 2.1.0)
    rspec-core (2.1.0)
    rspec-expectations (2.1.0)
      diff-lcs (>= 1.1.2)
    rspec-mocks (2.1.0)
      rspec-core (= 2.1.0)
      rspec-expectations (= 2.1.0)

PLATFORMS
  ruby

DEPENDENCIES
  rake
  rr
  rspec (>= 2.0.0.rc)
